GIT
  remote: https://github.com/chef/mixlib-config.git
  revision: 8f6a1ffb91d946dc396dff2599431016afa10feb
  branch: master
  specs:
    mixlib-config (2.2.6)
      tomlrb

PATH
  remote: .
  specs:
    chef-workstation (0.1.0)
      awesome_print
      mixlib-config

GEM
  remote: https://rubygems.org/
  specs:
    ast (2.4.0)
    awesome_print (1.8.0)
    binding_of_caller (0.8.0)
      debug_inspector (>= 0.0.1)
    byebug (10.0.0)
    chefstyle (0.8.0)
      rubocop (= 0.52.1)
    coderay (1.1.2)
    debug_inspector (0.0.3)
    diff-lcs (1.3)
    method_source (0.9.0)
    parallel (1.12.1)
    parser (2.5.0.3)
      ast (~> 2.4.0)
    powerpack (0.1.1)
    pry (0.11.3)
      coderay (~> 1.1.0)
      method_source (~> 0.9.0)
    pry-byebug (3.6.0)
      byebug (~> 10.0)
      pry (~> 0.10)
    pry-stack_explorer (0.4.9.2)
      binding_of_caller (>= 0.7)
      pry (>= 0.9.11)
    rainbow (3.0.0)
    rake (10.5.0)
    rspec (3.7.0)
      rspec-core (~> 3.7.0)
      rspec-expectations (~> 3.7.0)
      rspec-mocks (~> 3.7.0)
    rspec-core (3.7.1)
      rspec-support (~> 3.7.0)
    rspec-expectations (3.7.0)
      diff-lcs (>= 1.2.0, < 2.0)
      rspec-support (~> 3.7.0)
    rspec-mocks (3.7.0)
      diff-lcs (>= 1.2.0, < 2.0)
      rspec-support (~> 3.7.0)
    rspec-support (3.7.1)
    rspec_junit_formatter (0.3.0)
      rspec-core (>= 2, < 4, != 2.12.0)
    rubocop (0.52.1)
      parallel (~> 1.10)
      parser (>= 2.4.0.2, < 3.0)
      powerpack (~> 0.1)
      rainbow (>= 2.2.2, < 4.0)
      ruby-progressbar (~> 1.7)
      unicode-display_width (~> 1.0, >= 1.0.1)
    ruby-progressbar (1.9.0)
    tomlrb (1.2.6)
    unicode-display_width (1.3.0)

PLATFORMS
  ruby

DEPENDENCIES
  bundler (~> 1.16)
  chef-workstation!
  chefstyle
  mixlib-config!
  pry
  pry-byebug
  pry-stack_explorer
  rake (~> 10.0)
  rspec (~> 3.0)
  rspec_junit_formatter

BUNDLED WITH
   1.16.1
