GIT
  remote: https://github.com/chef/ruby-shadow
  revision: 3b8ea40b0e943b5de721d956741308ce805a5c3c
  branch: lcg/ruby-3.0
  specs:
    ruby-shadow (2.5.0)

GEM
  remote: https://rubygems.org/
  specs:
    activesupport (7.1.3.2)
      base64
      bigdecimal
      concurrent-ruby (~> 1.0, >= 1.0.2)
      connection_pool (>= 2.2.5)
      drb
      i18n (>= 1.6, < 2)
      minitest (>= 5.1)
      mutex_m
      tzinfo (~> 2.0)
    addressable (2.8.6)
      public_suffix (>= 2.0.2, < 6.0)
    appbundler (0.13.4)
      mixlib-cli (>= 1.4, < 3.0)
      mixlib-shellout (>= 2.0, < 4.0)
    artifactory (3.0.17)
    ast (2.4.2)
    aws-eventstream (1.3.0)
    aws-partitions (1.916.0)
    aws-sdk-account (1.21.0)
      aws-sdk-core (~> 3, >= 3.191.0)
      aws-sigv4 (~> 1.1)
    aws-sdk-alexaforbusiness (1.68.0)
      aws-sdk-core (~> 3, >= 3.191.0)
      aws-sigv4 (~> 1.1)
    aws-sdk-amplify (1.32.0)
      aws-sdk-core (~> 3, >= 3.120.0)
      aws-sigv4 (~> 1.1)
    aws-sdk-apigateway (1.93.0)
      aws-sdk-core (~> 3, >= 3.191.0)
      aws-sigv4 (~> 1.1)
    aws-sdk-apigatewayv2 (1.54.0)
      aws-sdk-core (~> 3, >= 3.191.0)
      aws-sigv4 (~> 1.1)
    aws-sdk-applicationautoscaling (1.51.0)
      aws-sdk-core (~> 3, >= 3.112.0)
      aws-sigv4 (~> 1.1)
    aws-sdk-athena (1.81.0)
      aws-sdk-core (~> 3, >= 3.191.0)
      aws-sigv4 (~> 1.1)
    aws-sdk-autoscaling (1.92.0)
      aws-sdk-core (~> 3, >= 3.176.0)
      aws-sigv4 (~> 1.1)
    aws-sdk-batch (1.73.0)
      aws-sdk-core (~> 3, >= 3.176.0)
      aws-sigv4 (~> 1.1)
    aws-sdk-budgets (1.63.0)
      aws-sdk-core (~> 3, >= 3.191.0)
      aws-sigv4 (~> 1.1)
    aws-sdk-cloudformation (1.106.0)
      aws-sdk-core (~> 3, >= 3.191.0)
      aws-sigv4 (~> 1.1)
    aws-sdk-cloudfront (1.88.0)
      aws-sdk-core (~> 3, >= 3.191.0)
      aws-sigv4 (~> 1.1)
    aws-sdk-cloudhsm (1.51.0)
      aws-sdk-core (~> 3, >= 3.191.0)
      aws-sigv4 (~> 1.1)
    aws-sdk-cloudhsmv2 (1.54.0)
      aws-sdk-core (~> 3, >= 3.191.0)
      aws-sigv4 (~> 1.1)
    aws-sdk-cloudtrail (1.77.0)
      aws-sdk-core (~> 3, >= 3.191.0)
      aws-sigv4 (~> 1.1)
    aws-sdk-cloudwatch (1.89.0)
      aws-sdk-core (~> 3, >= 3.191.0)
      aws-sigv4 (~> 1.1)
    aws-sdk-cloudwatchevents (1.62.0)
      aws-sdk-core (~> 3, >= 3.176.0)
      aws-sigv4 (~> 1.1)
    aws-sdk-cloudwatchlogs (1.80.0)
      aws-sdk-core (~> 3, >= 3.191.0)
      aws-sigv4 (~> 1.1)
    aws-sdk-codecommit (1.64.0)
      aws-sdk-core (~> 3, >= 3.191.0)
      aws-sigv4 (~> 1.1)
    aws-sdk-codedeploy (1.64.0)
      aws-sdk-core (~> 3, >= 3.191.0)
      aws-sigv4 (~> 1.1)
    aws-sdk-codepipeline (1.69.0)
      aws-sdk-core (~> 3, >= 3.191.0)
      aws-sigv4 (~> 1.1)
    aws-sdk-cognitoidentity (1.45.0)
      aws-sdk-core (~> 3, >= 3.176.0)
      aws-sigv4 (~> 1.1)
    aws-sdk-cognitoidentityprovider (1.76.0)
      aws-sdk-core (~> 3, >= 3.176.0)
      aws-sigv4 (~> 1.1)
    aws-sdk-configservice (1.106.0)
      aws-sdk-core (~> 3, >= 3.191.0)
      aws-sigv4 (~> 1.1)
    aws-sdk-core (3.192.1)
      aws-eventstream (~> 1, >= 1.3.0)
      aws-partitions (~> 1, >= 1.651.0)
      aws-sigv4 (~> 1.8)
      jmespath (~> 1, >= 1.6.1)
    aws-sdk-costandusagereportservice (1.54.0)
      aws-sdk-core (~> 3, >= 3.191.0)
      aws-sigv4 (~> 1.1)
    aws-sdk-databasemigrationservice (1.80.0)
      aws-sdk-core (~> 3, >= 3.176.0)
      aws-sigv4 (~> 1.1)
    aws-sdk-dynamodb (1.106.0)
      aws-sdk-core (~> 3, >= 3.191.0)
      aws-sigv4 (~> 1.1)
    aws-sdk-ec2 (1.450.0)
      aws-sdk-core (~> 3, >= 3.191.0)
      aws-sigv4 (~> 1.1)
    aws-sdk-ecr (1.69.0)
      aws-sdk-core (~> 3, >= 3.191.0)
      aws-sigv4 (~> 1.1)
    aws-sdk-ecrpublic (1.26.0)
      aws-sdk-core (~> 3, >= 3.191.0)
      aws-sigv4 (~> 1.1)
    aws-sdk-ecs (1.145.0)
      aws-sdk-core (~> 3, >= 3.191.0)
      aws-sigv4 (~> 1.1)
    aws-sdk-efs (1.72.0)
      aws-sdk-core (~> 3, >= 3.191.0)
      aws-sigv4 (~> 1.1)
    aws-sdk-eks (1.100.0)
      aws-sdk-core (~> 3, >= 3.191.0)
      aws-sigv4 (~> 1.1)
    aws-sdk-elasticache (1.99.0)
      aws-sdk-core (~> 3, >= 3.191.0)
      aws-sigv4 (~> 1.1)
    aws-sdk-elasticbeanstalk (1.65.0)
      aws-sdk-core (~> 3, >= 3.191.0)
      aws-sigv4 (~> 1.1)
    aws-sdk-elasticloadbalancing (1.53.0)
      aws-sdk-core (~> 3, >= 3.191.0)
      aws-sigv4 (~> 1.1)
    aws-sdk-elasticloadbalancingv2 (1.100.0)
      aws-sdk-core (~> 3, >= 3.191.0)
      aws-sigv4 (~> 1.1)
    aws-sdk-elasticsearchservice (1.82.0)
      aws-sdk-core (~> 3, >= 3.191.0)
      aws-sigv4 (~> 1.1)
    aws-sdk-emr (1.53.0)
      aws-sdk-core (~> 3, >= 3.121.2)
      aws-sigv4 (~> 1.1)
    aws-sdk-eventbridge (1.46.0)
      aws-sdk-core (~> 3, >= 3.176.0)
      aws-sigv4 (~> 1.1)
    aws-sdk-firehose (1.66.0)
      aws-sdk-core (~> 3, >= 3.191.0)
      aws-sigv4 (~> 1.1)
    aws-sdk-glue (1.145.0)
      aws-sdk-core (~> 3, >= 3.176.0)
      aws-sigv4 (~> 1.1)
    aws-sdk-guardduty (1.90.0)
      aws-sdk-core (~> 3, >= 3.191.0)
      aws-sigv4 (~> 1.1)
    aws-sdk-iam (1.96.0)
      aws-sdk-core (~> 3, >= 3.191.0)
      aws-sigv4 (~> 1.1)
    aws-sdk-kafka (1.69.0)
      aws-sdk-core (~> 3, >= 3.191.0)
      aws-sigv4 (~> 1.1)
    aws-sdk-kinesis (1.55.0)
      aws-sdk-core (~> 3, >= 3.191.0)
      aws-sigv4 (~> 1.1)
    aws-sdk-kms (1.79.0)
      aws-sdk-core (~> 3, >= 3.191.0)
      aws-sigv4 (~> 1.1)
    aws-sdk-lambda (1.118.0)
      aws-sdk-core (~> 3, >= 3.191.0)
      aws-sigv4 (~> 1.1)
    aws-sdk-mq (1.40.0)
      aws-sdk-core (~> 3, >= 3.120.0)
      aws-sigv4 (~> 1.1)
    aws-sdk-networkfirewall (1.40.0)
      aws-sdk-core (~> 3, >= 3.191.0)
      aws-sigv4 (~> 1.1)
    aws-sdk-networkmanager (1.41.0)
      aws-sdk-core (~> 3, >= 3.191.0)
      aws-sigv4 (~> 1.1)
    aws-sdk-organizations (1.77.0)
      aws-sdk-core (~> 3, >= 3.176.0)
      aws-sigv4 (~> 1.1)
    aws-sdk-ram (1.26.0)
      aws-sdk-core (~> 3, >= 3.112.0)
      aws-sigv4 (~> 1.1)
    aws-sdk-rds (1.226.0)
      aws-sdk-core (~> 3, >= 3.191.0)
      aws-sigv4 (~> 1.1)
    aws-sdk-redshift (1.112.0)
      aws-sdk-core (~> 3, >= 3.191.0)
      aws-sigv4 (~> 1.1)
    aws-sdk-route53 (1.87.0)
      aws-sdk-core (~> 3, >= 3.191.0)
      aws-sigv4 (~> 1.1)
    aws-sdk-route53domains (1.56.0)
      aws-sdk-core (~> 3, >= 3.191.0)
      aws-sigv4 (~> 1.1)
    aws-sdk-route53resolver (1.54.0)
      aws-sdk-core (~> 3, >= 3.191.0)
      aws-sigv4 (~> 1.1)
    aws-sdk-s3 (1.147.0)
      aws-sdk-core (~> 3, >= 3.192.0)
      aws-sdk-kms (~> 1)
      aws-sigv4 (~> 1.8)
    aws-sdk-s3control (1.43.0)
      aws-sdk-core (~> 3, >= 3.122.0)
      aws-sigv4 (~> 1.1)
    aws-sdk-secretsmanager (1.46.0)
      aws-sdk-core (~> 3, >= 3.112.0)
      aws-sigv4 (~> 1.1)
    aws-sdk-securityhub (1.103.0)
      aws-sdk-core (~> 3, >= 3.191.0)
      aws-sigv4 (~> 1.1)
    aws-sdk-servicecatalog (1.60.0)
      aws-sdk-core (~> 3, >= 3.112.0)
      aws-sigv4 (~> 1.1)
    aws-sdk-ses (1.41.0)
      aws-sdk-core (~> 3, >= 3.120.0)
      aws-sigv4 (~> 1.1)
    aws-sdk-shield (1.61.0)
      aws-sdk-core (~> 3, >= 3.191.0)
      aws-sigv4 (~> 1.1)
    aws-sdk-signer (1.32.0)
      aws-sdk-core (~> 3, >= 3.120.0)
      aws-sigv4 (~> 1.1)
    aws-sdk-simpledb (1.29.0)
      aws-sdk-core (~> 3, >= 3.120.0)
      aws-sigv2 (~> 1.0)
    aws-sdk-sms (1.53.0)
      aws-sdk-core (~> 3, >= 3.191.0)
      aws-sigv4 (~> 1.1)
    aws-sdk-sns (1.73.0)
      aws-sdk-core (~> 3, >= 3.191.0)
      aws-sigv4 (~> 1.1)
    aws-sdk-sqs (1.70.0)
      aws-sdk-core (~> 3, >= 3.191.0)
      aws-sigv4 (~> 1.1)
    aws-sdk-ssm (1.166.0)
      aws-sdk-core (~> 3, >= 3.191.0)
      aws-sigv4 (~> 1.1)
    aws-sdk-states (1.39.0)
      aws-sdk-core (~> 3, >= 3.112.0)
      aws-sigv4 (~> 1.1)
    aws-sdk-synthetics (1.19.0)
      aws-sdk-core (~> 3, >= 3.121.2)
      aws-sigv4 (~> 1.1)
    aws-sdk-transfer (1.73.0)
      aws-sdk-core (~> 3, >= 3.176.0)
      aws-sigv4 (~> 1.1)
    aws-sdk-waf (1.43.0)
      aws-sdk-core (~> 3, >= 3.122.0)
      aws-sigv4 (~> 1.1)
    aws-sigv2 (1.2.0)
    aws-sigv4 (1.8.0)
      aws-eventstream (~> 1, >= 1.0.2)
    axiom-types (0.1.1)
      descendants_tracker (~> 0.0.4)
      ice_nine (~> 0.11.0)
      thread_safe (~> 0.3, >= 0.3.1)
    azure_graph_rbac (0.17.2)
      ms_rest_azure (~> 0.12.0)
    azure_mgmt_compute (0.22.0)
      ms_rest_azure (~> 0.12.0)
    azure_mgmt_key_vault (0.17.7)
      ms_rest_azure (~> 0.12.0)
    azure_mgmt_network (0.26.1)
      ms_rest_azure (~> 0.12.0)
    azure_mgmt_network2 (1.0.1)
      ms_rest_azure2 (~> 1.0)
    azure_mgmt_resources (0.18.2)
      ms_rest_azure (~> 0.12.0)
    azure_mgmt_resources2 (1.0.1)
      ms_rest_azure2 (~> 1.0)
    azure_mgmt_security (0.19.0)
      ms_rest_azure (~> 0.12.0)
    azure_mgmt_storage (0.23.0)
      ms_rest_azure (~> 0.12.0)
    base64 (0.2.0)
    bcrypt_pbkdf (1.1.0)
    berkshelf (8.0.9)
      chef (>= 15.7.32)
      chef-config
      cleanroom (~> 1.0)
      concurrent-ruby (~> 1.0)
      minitar (>= 0.6)
      mixlib-archive (>= 1.1.4, < 2.0)
      mixlib-config (>= 2.2.5)
      mixlib-shellout (>= 2.0, < 4.0)
      octokit (~> 4.0)
      retryable (>= 2.0, < 4.0)
      solve (~> 4.0)
      thor (>= 0.20)
    bigdecimal (3.1.7)
    binding_of_caller (1.0.1)
      debug_inspector (>= 1.2.0)
    bson (4.15.0)
    builder (3.2.4)
    byebug (11.1.3)
    chef (18.4.12)
      addressable
      aws-sdk-s3 (~> 1.91)
      aws-sdk-secretsmanager (~> 1.46)
      chef-config (= 18.4.12)
      chef-utils (= 18.4.12)
      chef-vault
      chef-zero (>= 14.0.11)
      corefoundation (~> 0.3.4)
      diff-lcs (>= 1.2.4, < 1.6.0, != 1.4.0)
      erubis (~> 2.7)
      ffi (>= 1.15.5)
      ffi-libarchive (~> 1.0, >= 1.0.3)
      ffi-yajl (~> 2.2)
      iniparse (~> 1.4)
      inspec-core (>= 5, < 6)
      license-acceptance (>= 1.0.5, < 3)
      mixlib-archive (>= 0.4, < 2.0)
      mixlib-authentication (>= 2.1, < 4)
      mixlib-cli (>= 2.1.1, < 3.0)
      mixlib-log (>= 2.0.3, < 4.0)
      mixlib-shellout (>= 3.1.1, < 4.0)
      net-ftp
      net-sftp (>= 2.1.2, < 5.0)
      ohai (~> 18.0)
      plist (~> 3.2)
      proxifier2 (~> 1.1)
      syslog-logger (~> 1.6)
      train-core (~> 3.10)
      train-rest (>= 0.4.1)
      train-winrm (>= 0.2.5)
      unf_ext (~> 0.0.8.2)
      uuidtools (>= 2.1.5, < 3.0)
      vault (~> 0.16)
    chef (18.4.12-x64-mingw-ucrt)
      addressable
      aws-sdk-s3 (~> 1.91)
      aws-sdk-secretsmanager (~> 1.46)
      chef-config (= 18.4.12)
      chef-powershell (~> 18.1.0)
      chef-utils (= 18.4.12)
      chef-vault
      chef-zero (>= 14.0.11)
      corefoundation (~> 0.3.4)
      diff-lcs (>= 1.2.4, < 1.6.0, != 1.4.0)
      erubis (~> 2.7)
      ffi (>= 1.15.5)
      ffi-libarchive (~> 1.0, >= 1.0.3)
      ffi-yajl (~> 2.2)
      iniparse (~> 1.4)
      inspec-core (>= 5, < 6)
      iso8601 (>= 0.12.1, < 0.14)
      license-acceptance (>= 1.0.5, < 3)
      mixlib-archive (>= 0.4, < 2.0)
      mixlib-authentication (>= 2.1, < 4)
      mixlib-cli (>= 2.1.1, < 3.0)
      mixlib-log (>= 2.0.3, < 4.0)
      mixlib-shellout (>= 3.1.1, < 4.0)
      net-ftp
      net-sftp (>= 2.1.2, < 5.0)
      ohai (~> 18.0)
      plist (~> 3.2)
      proxifier2 (~> 1.1)
      syslog-logger (~> 1.6)
      train-core (~> 3.10)
      train-rest (>= 0.4.1)
      train-winrm (>= 0.2.5)
      unf_ext (~> 0.0.8.2)
      uuidtools (>= 2.1.5, < 3.0)
      vault (~> 0.16)
      win32-api (~> 1.10.0)
      win32-certstore (~> 0.6.15)
      win32-event (~> 0.6.1)
      win32-eventlog (= 0.6.3)
      win32-mmap (~> 0.4.1)
      win32-mutex (~> 0.4.2)
      win32-process (~> 0.9)
      win32-service (>= 2.1.5, < 3.0)
      win32-taskscheduler (~> 2.0)
      wmi-lite (~> 1.0)
    chef-apply (0.9.6)
      chef (>= 16.0)
      chef-cli (>= 2.0.10)
      chef-telemetry (>= 1.0.2)
      license-acceptance (>= 1.0.11, < 3)
      mixlib-cli
      mixlib-config (>= 3.0.5)
      mixlib-install
      mixlib-log
      pastel
      r18n-desktop
      toml-rb
      train-core (~> 3.0)
      train-winrm
      tty-spinner
    chef-bin (18.4.12)
      chef (= 18.4.12)
    chef-cli (5.6.14)
      addressable (>= 2.3.5, < 2.9)
      chef (>= 16.0)
      cookbook-omnifetch (~> 0.5)
      diff-lcs (>= 1.0, < 1.4)
      ffi-yajl (>= 1.0, < 3.0)
      license-acceptance (>= 1.0.11, < 3)
      minitar (~> 0.6)
      mixlib-cli (>= 1.7, < 3.0)
      mixlib-shellout (>= 2.0, < 4.0)
      pastel (~> 0.7)
      solve (> 2.0, < 5.0)
    chef-config (18.4.12)
      addressable
      chef-utils (= 18.4.12)
      fuzzyurl
      mixlib-config (>= 2.2.12, < 4.0)
      mixlib-shellout (>= 2.0, < 4.0)
      tomlrb (~> 1.2)
    chef-powershell (18.1.0)
      ffi (~> 1.15)
      ffi-yajl (~> 2.4)
    chef-telemetry (1.1.1)
      chef-config
      concurrent-ruby (~> 1.0)
    chef-utils (18.4.12)
      concurrent-ruby
    chef-vault (4.1.11)
    chef-zero (15.0.11)
      ffi-yajl (~> 2.2)
      hashie (>= 2.0, < 5.0)
      mixlib-log (>= 2.0, < 4.0)
      rack (~> 2.0, >= 2.0.6)
      uuidtools (~> 2.1)
      webrick
    chef_deprecations (0.2.0)
    cheffish (17.1.5)
      chef-utils (>= 17.0)
      chef-zero (>= 14.0)
      net-ssh
    chefspec (9.3.7)
      chef (>= 15)
      chef-cli
      fauxhai-chef (>= 9.3)
      rspec (~> 3.0)
      rspec-expectations (<= 3.12.3)
    chefstyle (2.2.3)
      rubocop (= 1.25.1)
    citrus (3.0.2)
    cleanroom (1.0.0)
    coderay (1.1.3)
    coercible (1.0.0)
      descendants_tracker (~> 0.0.1)
    concurrent-ruby (1.2.3)
    connection_pool (2.4.1)
    cookbook-omnifetch (0.12.2)
      mixlib-archive (>= 0.4, < 2.0)
    cookstyle (7.32.8)
      rubocop (= 1.25.1)
    corefoundation (0.3.13)
      ffi (>= 1.15.0)
    date (3.3.4)
    debug_inspector (1.2.0)
    declarative (0.0.20)
    dep-selector-libgecode (1.3.5)
    dep_selector (1.0.6)
      dep-selector-libgecode (~> 1.0)
      ffi (~> 1.9)
    descendants_tracker (0.0.4)
      thread_safe (~> 0.3, >= 0.3.1)
    diff-lcs (1.3)
    docker-api (2.2.0)
      excon (>= 0.47.0)
      multi_json
    domain_name (0.6.20240107)
    drb (2.2.1)
    droplet_kit (3.19.0)
      faraday (>= 0.15)
      kartograph (~> 0.2.8)
      resource_kit (~> 0.1.5)
      virtus (>= 1.0.3, <= 3)
    dry-configurable (1.1.0)
      dry-core (~> 1.0, < 2)
      zeitwerk (~> 2.6)
    dry-core (1.0.1)
      concurrent-ruby (~> 1.0)
      zeitwerk (~> 2.6)
    dry-inflector (1.0.0)
    dry-logic (1.5.0)
      concurrent-ruby (~> 1.0)
      dry-core (~> 1.0, < 2)
      zeitwerk (~> 2.6)
    dry-struct (1.6.0)
      dry-core (~> 1.0, < 2)
      dry-types (>= 1.7, < 2)
      ice_nine (~> 0.11)
      zeitwerk (~> 2.6)
    dry-types (1.7.2)
      bigdecimal (~> 3.0)
      concurrent-ruby (~> 1.0)
      dry-core (~> 1.0)
      dry-inflector (~> 1.0)
      dry-logic (~> 1.4)
      zeitwerk (~> 2.6)
    ed25519 (1.3.0)
    erubi (1.12.0)
    erubis (2.7.0)
    excon (0.110.0)
    faraday (1.10.3)
      faraday-em_http (~> 1.0)
      faraday-em_synchrony (~> 1.0)
      faraday-excon (~> 1.1)
      faraday-httpclient (~> 1.0)
      faraday-multipart (~> 1.0)
      faraday-net_http (~> 1.0)
      faraday-net_http_persistent (~> 1.0)
      faraday-patron (~> 1.0)
      faraday-rack (~> 1.0)
      faraday-retry (~> 1.0)
      ruby2_keywords (>= 0.0.4)
    faraday-cookie_jar (0.0.7)
      faraday (>= 0.8.0)
      http-cookie (~> 1.0.0)
    faraday-em_http (1.0.0)
    faraday-em_synchrony (1.0.0)
    faraday-excon (1.1.0)
    faraday-follow_redirects (0.3.0)
      faraday (>= 1, < 3)
    faraday-httpclient (1.0.1)
    faraday-multipart (1.0.4)
      multipart-post (~> 2)
    faraday-net_http (1.0.1)
    faraday-net_http_persistent (1.2.0)
    faraday-patron (1.0.0)
    faraday-rack (1.0.0)
    faraday-retry (1.0.3)
    faraday_middleware (1.2.0)
      faraday (~> 1.0)
    fauxhai-chef (9.3.16)
      net-ssh
    ffi (1.16.3)
    ffi (1.16.3-x64-mingw-ucrt)
    ffi (1.16.3-x64-mingw32)
    ffi (1.16.3-x86-mingw32)
    ffi-libarchive (1.1.14)
      ffi (~> 1.0)
    ffi-win32-extensions (1.0.4)
      ffi
    ffi-yajl (2.4.0)
      libyajl2 (>= 1.2)
    filesize (0.2.0)
    fog-core (2.4.0)
      builder
      excon (~> 0.71)
      formatador (>= 0.2, < 2.0)
      mime-types
    fog-json (1.2.0)
      fog-core
      multi_json (~> 1.10)
    fog-openstack (1.1.0)
      fog-core (~> 2.1)
      fog-json (>= 1.0)
    formatador (1.1.0)
    fuzzyurl (0.9.0)
    gcewinpass (1.1.0)
      google-api-client (~> 0.13)
    google-api-client (0.52.0)
      addressable (~> 2.5, >= 2.5.1)
      googleauth (~> 0.9)
      httpclient (>= 2.8.1, < 3.0)
      mini_mime (~> 1.0)
      representable (~> 3.0)
      retriable (>= 2.0, < 4.0)
      rexml
      signet (~> 0.12)
    google-apis-admin_directory_v1 (0.46.0)
      google-apis-core (>= 0.11.0, < 2.a)
    google-apis-cloudkms_v1 (0.41.0)
      google-apis-core (>= 0.11.0, < 2.a)
    google-apis-cloudresourcemanager_v1 (0.35.0)
      google-apis-core (>= 0.11.0, < 2.a)
    google-apis-compute_v1 (0.83.0)
      google-apis-core (>= 0.11.0, < 2.a)
    google-apis-core (0.11.3)
      addressable (~> 2.5, >= 2.5.1)
      googleauth (>= 0.16.2, < 2.a)
      httpclient (>= 2.8.1, < 3.a)
      mini_mime (~> 1.0)
      representable (~> 3.0)
      retriable (>= 2.0, < 4.a)
      rexml
    google-apis-iam_v1 (0.50.0)
      google-apis-core (>= 0.11.0, < 2.a)
    google-apis-monitoring_v3 (0.51.0)
      google-apis-core (>= 0.11.0, < 2.a)
    google-apis-storage_v1 (0.30.0)
      google-apis-core (>= 0.11.0, < 2.a)
    googleauth (0.17.1)
      faraday (>= 0.17.3, < 2.0)
      jwt (>= 1.4, < 3.0)
      memoist (~> 0.16)
      multi_json (~> 1.11)
      os (>= 0.9, < 2.0)
      signet (~> 0.15)
    gssapi (1.3.1)
      ffi (>= 1.0.1)
    guard (2.18.1)
      formatador (>= 0.2.4)
      listen (>= 2.7, < 4.0)
      lumberjack (>= 1.0.12, < 2.0)
      nenv (~> 0.1)
      notiffany (~> 0.0)
      pry (>= 0.13.0)
      shellany (~> 0.0)
      thor (>= 0.18.1)
    gyoku (1.4.0)
      builder (>= 2.1.2)
      rexml (~> 3.0)
    hashdiff (1.0.1)
    hashie (4.1.0)
    highline (2.1.0)
    http-accept (1.7.0)
    http-cookie (1.0.5)
      domain_name (~> 0.5)
    httpclient (2.8.3)
    i18n (1.14.4)
      concurrent-ruby (~> 1.0)
    ice_nine (0.11.2)
    inifile (3.0.0)
    iniparse (1.5.0)
    inspec (5.22.40)
      cookstyle
      faraday_middleware (>= 0.12.2, < 1.3)
      inspec-core (= 5.22.40)
      mongo (= 2.13.2)
      progress_bar (~> 1.3.3)
      rake
      train (~> 3.10)
      train-aws (~> 0.2)
      train-habitat (~> 0.1)
      train-kubernetes (~> 0.1)
      train-winrm (~> 0.2)
    inspec-bin (5.22.40)
      inspec (= 5.22.40)
    inspec-core (5.22.40)
      addressable (~> 2.4)
      chef-telemetry (~> 1.0, >= 1.0.8)
      faraday (>= 1, < 3)
      faraday-follow_redirects (~> 0.3)
      hashie (>= 3.4, < 6.0)
      license-acceptance (>= 0.2.13, < 3.0)
      method_source (>= 0.8, < 2.0)
      mixlib-log (~> 3.0)
      multipart-post (~> 2.0)
      parallel (~> 1.9)
      parslet (>= 1.5, < 3.0)
      pry (~> 0.13)
      rspec (>= 3.9, <= 3.12)
      rspec-its (~> 1.2)
      rubyzip (>= 1.2.2, < 3.0)
      semverse (~> 3.0)
      sslshake (~> 1.2)
      thor (>= 0.20, < 1.3.0)
      tomlrb (>= 1.2, < 2.1)
      train-core (~> 3.10)
      tty-prompt (~> 0.17)
      tty-table (~> 0.10)
    ipaddress (0.8.3)
    iso8601 (0.13.0)
    jmespath (1.6.2)
    json (2.7.2)
    jsonpath (1.1.5)
      multi_json
    jwt (2.8.1)
      base64
    k8s-ruby (0.16.0)
      dry-configurable
      dry-struct
      dry-types
      excon (~> 0.71)
      hashdiff (~> 1.0.0)
      jsonpath (~> 1.1)
      recursive-open-struct (~> 1.1.3)
      yajl-ruby (~> 1.4.0)
      yaml-safe_load_stream3
    kartograph (0.2.8)
    kitchen-azurerm (1.13.0)
      azure_mgmt_network2 (~> 1.0.1, >= 1.0.1)
      azure_mgmt_resources2 (~> 1.0.1, >= 1.0.1)
      inifile (~> 3.0, >= 3.0.0)
      sshkey (>= 1.0.0, < 3)
      test-kitchen (>= 1.20, < 4.0)
    kitchen-digitalocean (0.16.0)
      droplet_kit (>= 3.7, < 4.0)
      test-kitchen (>= 1.17, < 4)
    kitchen-dokken (2.20.4)
      docker-api (>= 1.33, < 3)
      lockfile (~> 2.1)
      test-kitchen (>= 1.15, < 4)
    kitchen-ec2 (3.18.0)
      aws-sdk-ec2 (~> 1.0)
      retryable (>= 2.0, < 4.0)
      test-kitchen (>= 1.4.1, < 4)
    kitchen-google (2.6.0)
      gcewinpass (~> 1.1)
      google-apis-compute_v1 (>= 0.75)
      test-kitchen (>= 1.0.0, < 4.0)
    kitchen-hyperv (0.10.0)
      test-kitchen (>= 1.4, < 4)
      train (~> 3.5)
      train-winrm (~> 0.2)
    kitchen-inspec (2.6.2)
      hashie (>= 3.4, <= 5.0)
      inspec (>= 2.2.64, < 6.0)
      test-kitchen (>= 2.7, < 4)
    kitchen-openstack (6.2.0)
      fog-openstack (~> 1.0)
      ohai
      test-kitchen (>= 1.4.1, < 4)
    kitchen-vagrant (2.0.0)
      test-kitchen (>= 1.4, < 4)
    kitchen-vcenter (2.12.0)
      net-ping (>= 2.0.0, < 3.0)
      rbvmomi2 (>= 3.5.0, < 4.0)
      test-kitchen (>= 1.16, < 4)
      vsphere-automation-sdk (~> 0.4)
    kitchen-vra (3.3.2)
      ffi-yajl (>= 2.2.3, < 2.5.0)
      highline
      rack (>= 1.6, < 4.0)
      test-kitchen
      vmware-vra (~> 3.0, >= 3.2.0)
    knife (18.4.2)
      bcrypt_pbkdf (~> 1.1)
      chef (>= 18)
      chef-config (>= 18)
      chef-utils (>= 18)
      chef-vault
      erubis (~> 2.7)
      ffi (>= 1.15)
      ffi-yajl (~> 2.2)
      highline (>= 1.6.9, < 3)
      license-acceptance (>= 1.0.5, < 3)
      mixlib-archive (>= 0.4, < 2.0)
      mixlib-cli (>= 2.1.1, < 3.0)
      net-ssh (>= 5.1, < 8)
      net-ssh-multi (~> 1.2, >= 1.2.1)
      ohai (~> 18.0)
      pastel
      proxifier2 (~> 1.1)
      train-core (~> 3.10)
      train-winrm (>= 0.2.5)
      tty-prompt (~> 0.21)
      tty-screen (~> 0.6)
      tty-table (~> 0.11)
    knife-azure (4.0.0)
      azure_mgmt_compute (~> 0.18, >= 0.18.3)
      azure_mgmt_network (~> 0.18, >= 0.18.2)
      azure_mgmt_resources (~> 0.17, >= 0.17.2)
      azure_mgmt_storage (~> 0.20, >= 0.20.0)
      ffi
      ipaddress
      knife
      listen (~> 3.1)
      nokogiri (>= 1.5.5)
      rb-readline
    knife-cloud (4.0.15)
      chef (>= 15.11)
      excon (>= 0.50)
      mixlib-shellout
    knife-ec2 (2.1.6)
      aws-sdk-ec2 (~> 1.95)
      aws-sdk-s3 (~> 1.43)
      knife (~> 18.0)
    knife-google (5.0.11)
      chef (>= 15.11)
      gcewinpass (~> 1.1)
      google-api-client (>= 0.23.9, < 0.53.0)
      knife-cloud (>= 4.0.0)
    knife-tidy (2.1.6)
    knife-vcenter (5.0.5)
      chef (>= 15.11)
      knife-cloud (>= 4.0)
      rb-readline (~> 0.5)
      rbvmomi (>= 1.11, < 4.0)
      vsphere-automation-sdk (~> 0.4)
    knife-vrealize (7.0.0)
      knife
      knife-cloud (>= 1.2.0, < 5.0)
      rb-readline (~> 0.5)
      vcoworkflows (~> 0.2)
      vmware-vra (~> 3)
    knife-vsphere (5.2.0)
      chef-vault (>= 2.6)
      filesize (>= 0.1.1, < 0.3.0)
      knife (>= 17)
      rbvmomi2 (>= 3.5.0, < 4.0)
    knife-windows (4.0.7)
      chef (>= 15.11)
      winrm (~> 2.1)
      winrm-elevated (~> 1.0)
    kramdown (2.4.0)
      rexml
    kramdown-parser-gfm (1.1.0)
      kramdown (~> 2.0)
    libyajl2 (2.1.0)
    license-acceptance (2.1.13)
      pastel (~> 0.7)
      tomlrb (>= 1.2, < 3.0)
      tty-box (~> 0.6)
      tty-prompt (~> 0.20)
    listen (3.9.0)
      rb-fsevent (~> 0.10, >= 0.10.3)
      rb-inotify (~> 0.9, >= 0.9.10)
    little-plugger (1.1.4)
    lockfile (2.1.3)
    logging (2.3.1)
      little-plugger (~> 1.1)
      multi_json (~> 1.14)
    lumberjack (1.2.10)
    mdl (0.13.0)
      kramdown (~> 2.3)
      kramdown-parser-gfm (~> 1.1)
      mixlib-cli (~> 2.1, >= 2.1.1)
      mixlib-config (>= 2.2.1, < 4)
      mixlib-shellout
    memoist (0.16.2)
    method_source (1.1.0)
    mime-types (3.5.2)
      mime-types-data (~> 3.2015)
    mime-types-data (3.2024.0305)
    mini_mime (1.1.5)
    minitar (0.9)
    minitest (5.22.3)
    mixlib-archive (1.1.7)
      mixlib-log
    mixlib-archive (1.1.7-universal-mingw32)
      mixlib-log  
    mixlib-authentication (3.0.10)
    mixlib-cli (2.1.8)
    mixlib-config (3.0.27)
      tomlrb
    mixlib-install (3.12.30)
      mixlib-shellout
      mixlib-versioning
      thor
    mixlib-log (3.0.9)
    mixlib-shellout (3.2.7)
      chef-utils
    mixlib-shellout (3.2.7-universal-mingw32)
      chef-utils
      ffi-win32-extensions (~> 1.0.3)
      win32-process (~> 0.9)
      wmi-lite (~> 1.0)
    mixlib-shellout (3.2.7-x64-mingw-ucrt)
      chef-utils
      ffi-win32-extensions (~> 1.0.3)
      win32-process (~> 0.9)
      wmi-lite (~> 1.0)
    mixlib-versioning (1.2.12)
    molinillo (0.8.0)
    mongo (2.13.2)
      bson (>= 4.8.2, < 5.0.0)
    ms_rest (0.7.6)
      concurrent-ruby (~> 1.0)
      faraday (>= 0.9, < 2.0.0)
      timeliness (~> 0.3.10)
    ms_rest2 (1.0.0)
      concurrent-ruby (~> 1.0)
      faraday (>= 0.9, < 2.0.0)
      timeliness (~> 0.3.10)
    ms_rest_azure (0.12.0)
      concurrent-ruby (~> 1.0)
      faraday (>= 0.9, < 2.0.0)
      faraday-cookie_jar (~> 0.0.6)
      ms_rest (~> 0.7.6)
    ms_rest_azure2 (1.0.0)
      concurrent-ruby (~> 1.0)
      faraday (>= 0.9, < 2.0.0)
      faraday-cookie_jar (~> 0.0.6)
      ms_rest2 (~> 1.0)
    multi_json (1.15.0)
    multipart-post (2.4.0)
    mutex_m (0.2.0)
    nenv (0.3.0)
    net-ftp (0.3.4)
      net-protocol
      time
    net-ping (2.0.8)
    net-protocol (0.2.2)
      timeout
    net-scp (4.0.0)
      net-ssh (>= 2.6.5, < 8.0.0)
    net-sftp (4.0.0)
      net-ssh (>= 5.0.0, < 8.0.0)
    net-ssh (7.2.3)
    net-ssh-gateway (2.0.0)
      net-ssh (>= 4.0.0)
    net-ssh-multi (1.2.1)
      net-ssh (>= 2.6.5)
      net-ssh-gateway (>= 1.2.0)
    netrc (0.11.0)
    nokogiri (1.16.3)
      mini_portile2 (~> 2.8.2)
      racc (~> 1.4)
    nokogiri (1.16.3-x64-mingw-ucrt)
      racc (~> 1.4)
    nokogiri (1.16.3-x64-mingw32)
      racc (~> 1.4)
    nokogiri (1.16.3-x86-mingw32)
      racc (~> 1.4)
    nori (2.7.0)
      bigdecimal
    notiffany (0.1.3)
      nenv (~> 0.1)
      shellany (~> 0.0)
    octokit (4.25.1)
      faraday (>= 1, < 3)
      sawyer (~> 0.9)
    ohai (18.1.3)
      chef-config (>= 14.12, < 19)
      chef-utils (>= 16.0, < 19)
      ffi (~> 1.9)
      ffi-yajl (~> 2.2)
      ipaddress
      mixlib-cli (>= 1.7.0)
      mixlib-config (>= 2.0, < 4.0)
      mixlib-log (>= 2.0.1, < 4.0)
      mixlib-shellout (~> 3.2, >= 3.2.5)
      plist (~> 3.1)
      train-core
      wmi-lite (~> 1.0)
    openssl (3.2.0)
    optimist (3.1.0)
    options (2.3.2)
    os (1.1.4)
    parallel (1.24.0)
    parser (3.3.0.5)
      ast (~> 2.4.1)
      racc
    parslet (2.0.0)
    passwordmasker (1.2.0)
    pastel (0.8.0)
      tty-color (~> 0.5)
    plist (3.7.1)
    progress_bar (1.3.3)
      highline (>= 1.6, < 3)
      options (~> 2.3.0)
    proxifier2 (1.1.0)
    pry (0.13.0)
      coderay (~> 1.1)
      method_source (~> 1.0)
    pry-byebug (3.10.1)
      byebug (~> 11.0)
      pry (>= 0.13, < 0.15)
    pry-remote (0.1.8)
      pry (~> 0.9)
      slop (~> 3.0)
    pry-stack_explorer (0.6.1)
      binding_of_caller (~> 1.0)
      pry (~> 0.13)
    public_suffix (5.0.5)
    r18n-core (5.0.1)
    r18n-desktop (5.0.1)
      r18n-core (~> 5.0)
    racc (1.7.3)
    rack (2.2.9)
    rainbow (3.1.1)
    rake (13.0.1)
    rb-fsevent (0.11.2)
    rb-inotify (0.10.1)
      ffi (~> 1.0)
    rb-readline (0.5.5)
    rbvmomi (3.0.0)
      builder (~> 3.2)
      json (~> 2.3)
      nokogiri (~> 1.10)
      optimist (~> 3.0)
    rbvmomi2 (3.7.1)
      builder (~> 3.2)
      json (~> 2.3)
      nokogiri (~> 1.12, >= 1.12.5)
      optimist (~> 3.0)
    rdp-ruby-wmi (0.3.1)  
    recursive-open-struct (1.1.3)
    regexp_parser (2.9.0)
    representable (3.2.0)
      declarative (< 0.1.0)
      trailblazer-option (>= 0.1.1, < 0.2.0)
      uber (< 0.2.0)
    resource_kit (0.1.8)
      addressable (>= 2.3.6, < 3.0.0)
    rest-client (2.1.0)
      http-accept (>= 1.7.0, < 2.0)
      http-cookie (>= 1.0.2, < 2.0)
      mime-types (>= 1.16, < 4.0)
      netrc (~> 0.8)
    rest-client (2.1.0-x64-mingw32)
      ffi (~> 1.9)
      http-accept (>= 1.7.0, < 2.0)
      http-cookie (>= 1.0.2, < 2.0)
      mime-types (>= 1.16, < 4.0)
      netrc (~> 0.8)
    rest-client (2.1.0-x86-mingw32)
      ffi (~> 1.9)
      http-accept (>= 1.7.0, < 2.0)
      http-cookie (>= 1.0.2, < 2.0)
      mime-types (>= 1.16, < 4.0)
      netrc (~> 0.8)  
    retriable (3.1.2)
    retryable (3.0.5)
    rexml (3.2.6)
    rspec (3.12.0)
      rspec-core (~> 3.12.0)
      rspec-expectations (~> 3.12.0)
      rspec-mocks (~> 3.12.0)
    rspec-core (3.12.3)
      rspec-support (~> 3.12.0)
    rspec-expectations (3.12.3)
      diff-lcs (>= 1.2.0, < 2.0)
      rspec-support (~> 3.12.0)
    rspec-its (1.3.0)
      rspec-core (>= 3.0.0)
      rspec-expectations (>= 3.0.0)
    rspec-mocks (3.12.7)
      diff-lcs (>= 1.2.0, < 2.0)
      rspec-support (~> 3.12.0)
    rspec-support (3.12.2)
    rubocop (1.25.1)
      parallel (~> 1.10)
      parser (>= 3.1.0.0)
      rainbow (>= 2.2.2, < 4.0)
      regexp_parser (>= 1.8, < 3.0)
      rexml
      rubocop-ast (>= 1.15.1, < 2.0)
      ruby-progressbar (~> 1.7)
      unicode-display_width (>= 1.4.0, < 3.0)
    rubocop-ast (1.31.2)
      parser (>= 3.3.0.4)
    ruby-progressbar (1.13.0)
    ruby2_keywords (0.0.5)
    rubyntlm (0.6.3)
    rubyzip (2.3.2)
    sawyer (0.9.2)
      addressable (>= 2.3.5)
      faraday (>= 0.17.3, < 3)
    semverse (3.0.2)
    shellany (0.0.1)
    signet (0.19.0)
      addressable (~> 2.8)
      faraday (>= 0.17.5, < 3.a)
      jwt (>= 1.5, < 3.0)
      multi_json (~> 1.10)
    slop (3.6.0)
    solve (4.0.4)
      molinillo (~> 0.6)
      semverse (>= 1.1, < 4.0)
    sshkey (2.0.0)
    sslshake (1.3.1)
    strings (0.2.1)
      strings-ansi (~> 0.2)
      unicode-display_width (>= 1.5, < 3.0)
      unicode_utils (~> 1.4)
    strings-ansi (0.2.0)
    syslog-logger (1.6.8)
    test-kitchen (3.6.0)
      bcrypt_pbkdf (~> 1.0)
      chef-utils (>= 16.4.35)
      ed25519 (~> 1.2)
      license-acceptance (>= 1.0.11, < 3.0)
      mixlib-install (~> 3.6)
      mixlib-shellout (>= 1.2, < 4.0)
      net-scp (>= 1.1, < 5.0)
      net-ssh (>= 2.9, < 8.0)
      net-ssh-gateway (>= 1.2, < 3.0)
      thor (>= 0.19, < 2.0)
      winrm (~> 2.0)
      winrm-elevated (~> 1.0)
      winrm-fs (~> 1.1)
    thor (1.2.2)
    thread_safe (0.3.6)
    time (0.3.0)
      date
    timeliness (0.3.10)
    timeout (0.4.1)
    toml-rb (3.0.1)
      citrus (~> 3.0, > 3.0)
      racc (~> 1.7)
    tomlrb (1.3.0)
    trailblazer-option (0.1.2)
    train (3.12.3)
      activesupport (>= 6.0.3.1)
      azure_graph_rbac (~> 0.16)
      azure_mgmt_key_vault (~> 0.17)
      azure_mgmt_resources (~> 0.15)
      azure_mgmt_security (~> 0.18)
      azure_mgmt_storage (~> 0.18)
      docker-api (>= 1.26, < 3.0)
      google-apis-admin_directory_v1 (~> 0.46.0)
      google-apis-cloudkms_v1 (~> 0.41.0)
      google-apis-cloudresourcemanager_v1 (~> 0.35.0)
      google-apis-compute_v1 (~> 0.83.0)
      google-apis-iam_v1 (~> 0.50.0)
      google-apis-monitoring_v3 (~> 0.51.0)
      google-apis-storage_v1 (~> 0.30.0)
      googleauth (>= 0.16.2, < 1.9.0)
      inifile (~> 3.0)
      train-core (= 3.12.3)
      train-winrm (~> 0.2)
    train-aws (0.2.36)
      aws-sdk-account (~> 1.14)
      aws-sdk-alexaforbusiness (~> 1.0)
      aws-sdk-amplify (~> 1.32.0)
      aws-sdk-apigateway (~> 1.0)
      aws-sdk-apigatewayv2 (~> 1.0)
      aws-sdk-applicationautoscaling (>= 1.46, < 1.52)
      aws-sdk-athena (~> 1.0)
      aws-sdk-autoscaling (>= 1.22, < 1.93)
      aws-sdk-batch (>= 1.36, < 1.74)
      aws-sdk-budgets (~> 1.0)
      aws-sdk-cloudformation (~> 1.0)
      aws-sdk-cloudfront (~> 1.0)
      aws-sdk-cloudhsm (~> 1.0)
      aws-sdk-cloudhsmv2 (~> 1.0)
      aws-sdk-cloudtrail (~> 1.8)
      aws-sdk-cloudwatch (~> 1.13)
      aws-sdk-cloudwatchevents (>= 1.36, < 1.63)
      aws-sdk-cloudwatchlogs (~> 1.13)
      aws-sdk-codecommit (~> 1.0)
      aws-sdk-codedeploy (~> 1.0)
      aws-sdk-codepipeline (~> 1.0)
      aws-sdk-cognitoidentity (>= 1.26, < 1.46)
      aws-sdk-cognitoidentityprovider (>= 1.46, < 1.77)
      aws-sdk-configservice (~> 1.21)
      aws-sdk-core (~> 3.0)
      aws-sdk-costandusagereportservice (~> 1.6)
      aws-sdk-databasemigrationservice (>= 1.42, < 1.81)
      aws-sdk-dynamodb (~> 1.31)
      aws-sdk-ec2 (~> 1.70)
      aws-sdk-ecr (~> 1.18)
      aws-sdk-ecrpublic (~> 1.3)
      aws-sdk-ecs (~> 1.30)
      aws-sdk-efs (~> 1.0)
      aws-sdk-eks (~> 1.9)
      aws-sdk-elasticache (~> 1.0)
      aws-sdk-elasticbeanstalk (~> 1.0)
      aws-sdk-elasticloadbalancing (~> 1.8)
      aws-sdk-elasticloadbalancingv2 (~> 1.0)
      aws-sdk-elasticsearchservice (~> 1.0)
      aws-sdk-emr (~> 1.53.0)
      aws-sdk-eventbridge (>= 1.24, < 1.47)
      aws-sdk-firehose (~> 1.0)
      aws-sdk-glue (>= 1.71, < 1.146)
      aws-sdk-guardduty (~> 1.31)
      aws-sdk-iam (~> 1.13)
      aws-sdk-kafka (~> 1.0)
      aws-sdk-kinesis (~> 1.0)
      aws-sdk-kms (~> 1.13)
      aws-sdk-lambda (~> 1.0)
      aws-sdk-mq (~> 1.40.0)
      aws-sdk-networkfirewall (>= 1.6.0)
      aws-sdk-networkmanager (>= 1.13.0)
      aws-sdk-organizations (>= 1.17, < 1.78)
      aws-sdk-ram (>= 1.21, < 1.27)
      aws-sdk-rds (~> 1.43)
      aws-sdk-redshift (~> 1.0)
      aws-sdk-route53 (~> 1.0)
      aws-sdk-route53domains (~> 1.0)
      aws-sdk-route53resolver (~> 1.0)
      aws-sdk-s3 (~> 1.30)
      aws-sdk-s3control (~> 1.43.0)
      aws-sdk-secretsmanager (>= 1.42, < 1.47)
      aws-sdk-securityhub (~> 1.0)
      aws-sdk-servicecatalog (>= 1.48, < 1.61)
      aws-sdk-ses (~> 1.41.0)
      aws-sdk-shield (~> 1.30)
      aws-sdk-signer (~> 1.32.0)
      aws-sdk-simpledb (~> 1.29.0)
      aws-sdk-sms (~> 1.0)
      aws-sdk-sns (~> 1.9)
      aws-sdk-sqs (~> 1.10)
      aws-sdk-ssm (~> 1.0)
      aws-sdk-states (>= 1.35, < 1.40)
      aws-sdk-synthetics (~> 1.19.0)
      aws-sdk-transfer (>= 1.26, < 1.74)
      aws-sdk-waf (~> 1.43.0)
    train-core (3.12.3)
      addressable (~> 2.5)
      ffi (!= 1.13.0)
      json (>= 1.8, < 3.0)
      mixlib-shellout (>= 2.0, < 4.0)
      net-scp (>= 1.2, < 5.0)
      net-ssh (>= 2.9, < 8.0)
    train-habitat (0.2.22)
    train-kubernetes (0.2.1)
      k8s-ruby (~> 0.16.0)
      train (~> 3.0)
    train-rest (0.5.0)
      aws-sigv4 (~> 1.5)
      rest-client (~> 2.1)
      train-core (~> 3.0)
    train-winrm (0.2.13)
      winrm (>= 2.3.6, < 3.0)
      winrm-elevated (~> 1.2.2)
      winrm-fs (~> 1.0)
    tty-box (0.7.0)
      pastel (~> 0.8)
      strings (~> 0.2.0)
      tty-cursor (~> 0.7)
    tty-color (0.6.0)
    tty-cursor (0.7.1)
    tty-prompt (0.23.1)
      pastel (~> 0.8)
      tty-reader (~> 0.8)
    tty-reader (0.9.0)
      tty-cursor (~> 0.7)
      tty-screen (~> 0.8)
      wisper (~> 2.0)
    tty-screen (0.8.2)
    tty-spinner (0.9.3)
      tty-cursor (~> 0.7)
    tty-table (0.12.0)
      pastel (~> 0.8)
      strings (~> 0.2.0)
      tty-screen (~> 0.8)
    tzinfo (2.0.6)
      concurrent-ruby (~> 1.0)
    uber (0.1.0)
    unf (0.1.4)
      unf_ext
    unf_ext (0.0.8.2)
    unf_ext (0.0.8.2-x64-mingw-ucrt)
    unicode-display_width (2.5.0)
    unicode_utils (1.4.0)
    uuidtools (2.2.0)
    vault (0.18.2)
      aws-sigv4
    vcoworkflows (0.2.1)
      rest-client
      thor (>= 0.18.0)
    virtus (2.0.0)
      axiom-types (~> 0.1)
      coercible (~> 1.0)
      descendants_tracker (~> 0.0, >= 0.0.3)
    vmware-vra (3.2.1)
      ffi-yajl (~> 2.2)
      passwordmasker (~> 1.2)
    vsphere-automation-appliance (0.4.7)
      vsphere-automation-cis (~> 0.4.6)
      vsphere-automation-runtime (~> 0.4.6)
    vsphere-automation-cis (0.4.7)
      vsphere-automation-runtime (~> 0.4.6)
    vsphere-automation-content (0.4.7)
      vsphere-automation-cis (~> 0.4.6)
      vsphere-automation-runtime (~> 0.4.6)
    vsphere-automation-runtime (0.4.7)
    vsphere-automation-sdk (0.4.7)
      vsphere-automation-appliance (~> 0.4.6)
      vsphere-automation-cis (~> 0.4.6)
      vsphere-automation-content (~> 0.4.6)
      vsphere-automation-runtime (~> 0.4.6)
      vsphere-automation-vapi (~> 0.4.6)
      vsphere-automation-vcenter (~> 0.4.6)
    vsphere-automation-vapi (0.4.7)
      vsphere-automation-cis (~> 0.4.6)
      vsphere-automation-runtime (~> 0.4.6)
    vsphere-automation-vcenter (0.4.7)
      vsphere-automation-cis (~> 0.4.6)
      vsphere-automation-runtime (~> 0.4.6)
    webrick (1.8.1)
    win32-api (1.10.1)
    win32-api (1.10.1-universal-mingw32)
    win32-certstore (0.6.15)
      chef-powershell (>= 1.0.12)
      ffi
    win32-dir (0.7.2)
      ffi (>= 1.0.0)
    win32-event (0.6.3)
      win32-ipc (>= 0.6.0)
    win32-eventlog (0.6.3)
      ffi
    win32-ipc (0.7.0)
      ffi
    win32-mmap (0.4.2)
      ffi
    win32-mutex (0.4.3)
      win32-ipc (>= 0.6.0)
    win32-process (0.10.0)
      ffi (>= 1.0.0)
    win32-security (0.5.0)
      ffi
      ffi-win32-extensions
    win32-service (2.3.2)
      ffi
      ffi-win32-extensions
    win32-taskscheduler (2.0.4)
      ffi
      structured_warnings
    windows-api (0.4.5)
      win32-api (>= 1.4.5)
    windows-pr (1.2.6)
      win32-api (>= 1.4.5)
      windows-api (>= 0.4.0)
    winrm (2.3.6)
      builder (>= 2.1.2)
      erubi (~> 1.8)
      gssapi (~> 1.2)
      gyoku (~> 1.0)
      httpclient (~> 2.2, >= 2.2.0.2)
      logging (>= 1.6.1, < 3.0)
      nori (~> 2.0)
      rubyntlm (~> 0.6.0, >= 0.6.3)
    winrm-elevated (1.2.3)
      erubi (~> 1.8)
      winrm (~> 2.0)
      winrm-fs (~> 1.0)
    winrm-fs (1.3.5)
      erubi (~> 1.8)
      logging (>= 1.6.1, < 3.0)
      rubyzip (~> 2.0)
      winrm (~> 2.0)
    wisper (2.0.1)
    wmi-lite (1.0.7)
    yajl-ruby (1.4.3)
    yaml-safe_load_stream3 (0.1.2)
    zeitwerk (2.6.13)

PLATFORMS
  ruby
  x64-mingw
  x64-mingw-ucrt
  x64-mingw32
  x86-mingw32

DEPENDENCIES
  appbundler
  artifactory
  bcrypt_pbkdf (>= 1.1.0.rc1)
  berkshelf (>= 8.0)
  chef (>= 18.2)
  chef-apply (>= 0.4.16)
  chef-bin (>= 18.2)
  chef-cli (>= 5.3.1)
  chef-telemetry (>= 1.0.8)
  chef-utils (>= 18.2)
  chef_deprecations (>= 0.1.2)
  cheffish (>= 17.0)
  chefspec (>= 9.3)
  chefstyle
  cookstyle (>= 7.8)
  dep-selector-libgecode
  dep_selector
  docker-api (>= 2.0)
  ed25519
  fauxhai-chef (>= 9.3)
  ffi-libarchive
  guard
  inspec-bin (~> 5)
  kitchen-azurerm (>= 1.12.0)
  kitchen-digitalocean (>= 0.13)
  kitchen-dokken (>= 2.14)
  kitchen-ec2 (>= 3.10)
  kitchen-google (>= 2.2)
  kitchen-hyperv (>= 0.6)
  kitchen-inspec (>= 2.5)
  kitchen-openstack (>= 5.0)
  kitchen-vagrant (>= 1.9)
  kitchen-vcenter (>= 2.8)
  kitchen-vra (>= 3.0)
  knife (>= 18.2)
  knife-azure (>= 3.0.0)
  knife-ec2 (>= 1.0.28)
  knife-google (>= 4.2.7)
  knife-tidy (>= 2.0.9)
  knife-vcenter (>= 3.0.1)
  knife-vrealize (>= 7.0.0)
  knife-vsphere (>= 4.1.1)
  knife-windows (>= 3.0.11)
  listen
  mdl (>= 0.7.0)
  minitest (~> 5.16, >= 5.16.3)
  mixlib-archive (>= 1.0)
  mixlib-install
  net-ssh (>= 4.2.0)
  nokogiri (>= 1.11.7)
  ohai (>= 18.1)
  openssl (>= 3.2.0)
  pry (= 0.13.0)
  pry-byebug
  pry-remote
  pry-stack_explorer (>= 0.5.1)
  rake (= 13.0.1)
  rb-readline
  rdp-ruby-wmi
  ruby-shadow!
  test-kitchen (>= 3.0)
  unf_ext (~> 0.0.8.2)
  win32-api
  win32-dir
  win32-event
  win32-mutex
  win32-process (>= 0.9.0)
  win32-security
  win32-service (>= 2.1.5)
  windows-pr
  winrm-elevated
  winrm-fs

BUNDLED WITH
   2.3.7
